PATH
  remote: .
  specs:
    crosstools_builder (0.1.0)

GEM
  remote: https://rubygems.org/
  specs:
    rake (10.5.0)

PLATFORMS
  ruby

DEPENDENCIES
  bundler (~> 1.16)
  crosstools_builder!
  rake (~> 10.0)

BUNDLED WITH
   1.16.3
