PATH
  remote: .
  specs:
    crosstools_builder (0.1.0)
      thor

GEM
  remote: https://rubygems.org/
  specs:
    rake (13.0.6)
    thor (0.20.0)

PLATFORMS
  ruby

DEPENDENCIES
  bundler (~> 1.16)
  crosstools_builder!
  rake (~> 13.0)

BUNDLED WITH
   1.16.3
